GEM
  remote: https://rubygems.org/
  specs:
    haml (4.0.7)
      tilt
    mime-types (3.1)
      mime-types-data (~> 3.2015)
    mime-types-data (3.2016.0521)
    rack (2.0.1)
    rdiscount (2.2.0.1)
    sass (3.4.22)
    sitepress (0.1.24)
      sitepress-cli (= 0.1.24)
    sitepress-cli (0.1.24)
      rack (>= 1.0)
      sitepress-server (= 0.1.24)
      thor (~> 0.19.0)
    sitepress-core (0.1.24)
      mime-types (>= 2.99)
    sitepress-server (0.1.24)
      sitepress-core (= 0.1.24)
      tilt (~> 2.0)
    thor (0.19.1)
    tilt (2.0.5)

PLATFORMS
  ruby

DEPENDENCIES
  haml
  rack
  rdiscount
  sass
  sitepress

BUNDLED WITH
   1.13.6
