PATH
  remote: ../gem
  specs:
    sitepress (0.1.20)
      mime-types (>= 2.99)
    sitepress-cli (0.1.20)
      rack
      sitepress-server (= 0.1.20)
      thor
    sitepress-server (0.1.20)
      sitepress (= 0.1.20)
      tilt

GEM
  remote: https://rubygems.org/
  specs:
    haml (4.0.7)
      tilt
    mime-types (3.1)
      mime-types-data (~> 3.2015)
    mime-types-data (3.2016.0521)
    puma (2.16.0)
    rack (2.0.1)
    rdiscount (2.2.0.1)
    sass (3.4.22)
    thor (0.19.1)
    tilt (2.0.5)

PLATFORMS
  ruby

DEPENDENCIES
  haml
  puma
  rack
  rdiscount
  sass
  sitepress!
  sitepress-cli!
  sitepress-server!

BUNDLED WITH
   1.12.4
