PATH
  remote: ../gem/mascot-server
  specs:
    mascot-server (0.1.7)
      mascot (= 0.1.7)
      tilt

PATH
  remote: ../gem/mascot
  specs:
    mascot (0.1.7)
      mime-types (>= 2.99)

GEM
  remote: https://rubygems.org/
  specs:
    haml (4.0.7)
      tilt
    mime-types (3.1)
      mime-types-data (~> 3.2015)
    mime-types-data (3.2016.0521)
    rdiscount (2.2.0.1)
    sass (3.4.22)
    tilt (2.0.5)

PLATFORMS
  ruby

DEPENDENCIES
  haml
  mascot!
  mascot-server!
  rdiscount
  sass

BUNDLED WITH
   1.12.4
